PATH
  remote: .
  specs:
    maxwell (0.1.0)
      httparty (~> 0.16)

GEM
  remote: https://rubygems.org/
  specs:
    coderay (1.1.2)
    httparty (0.16.4)
      mime-types (~> 3.0)
      multi_xml (>= 0.5.2)
    method_source (0.9.2)
    mime-types (3.2.2)
      mime-types-data (~> 3.2015)
    mime-types-data (3.2018.0812)
    minitest (5.11.3)
    multi_xml (0.6.0)
    pry (0.12.2)
      coderay (~> 1.1.0)
      method_source (~> 0.9.0)
    rake (10.5.0)

PLATFORMS
  ruby

DEPENDENCIES
  bundler (~> 1.17)
  maxwell!
  minitest (~> 5.0)
  pry (~> 0.12)
  rake (~> 10.0)

BUNDLED WITH
   1.17.1
