GEM
  remote: https://rubygems.org/
  specs:
    faraday (0.15.4)
      multipart-post (>= 1.2, < 3)
    multipart-post (2.0.0)

PLATFORMS
  ruby

DEPENDENCIES
  faraday (~> 0.15.4)

RUBY VERSION
   ruby 2.4.1p111

BUNDLED WITH
   2.0.1
